GEM
  remote: http://rubygems.org/
  specs:
    abstract (1.0.0)
    archive-tar-minitar (0.5.2)
    bunny (0.6.0)
    chef (0.8.10)
      bunny (>= 0.6.0)
      erubis
      extlib
      json
      mixlib-authentication (>= 1.1.0)
      mixlib-cli (>= 1.1.0)
      mixlib-config (>= 1.1.0)
      mixlib-log (>= 1.1.0)
      moneta
      ohai (>= 0.5.0)
    diff-lcs (1.1.2)
    erubis (2.6.6)
      abstract (>= 1.0.0)
    extlib (0.9.15)
    ffi (0.6.3)
      rake (>= 0.8.7)
    i18n (0.5.0)
    json (1.5.1)
    mario (0.0.6)
    mixlib-authentication (1.1.4)
      mixlib-log
    mixlib-cli (1.2.0)
    mixlib-config (1.1.2)
    mixlib-log (1.3.0)
    moneta (0.6.0)
    net-scp (1.0.4)
      net-ssh (>= 1.99.1)
    net-ssh (2.1.4)
    ohai (0.6.2)
      mixlib-cli
      mixlib-config
      mixlib-log
      systemu
      yajl-ruby
    rake (0.8.7)
    rspec-core (2.5.1)
    rspec-expectations (2.5.0)
      diff-lcs (~> 1.1.2)
    systemu (2.2.0)
    thor (0.14.6)
    vagrant (0.7.2)
      archive-tar-minitar (= 0.5.2)
      erubis (~> 2.6.6)
      i18n (~> 0.5.0)
      json (~> 1.5.1)
      mario (~> 0.0.6)
      net-scp (~> 1.0.4)
      net-ssh (~> 2.1.0)
      thor (~> 0.14.6)
      virtualbox (~> 0.8.3)
    virtualbox (0.8.3)
      ffi (~> 0.6.3)
    yajl-ruby (0.8.2)

PLATFORMS
  ruby

DEPENDENCIES
  chef
  rspec-core
  rspec-expectations
  vagrant
